GEM
  remote: https://rubygems.org/
  specs:
    erubis (2.7.0)
    mini_portile2 (2.8.7)
    nokogiri (1.16.6)
      mini_portile2 (~> 2.8.2)
      racc (~> 1.4)
    power_assert (2.0.3)
    psych (5.1.2)
      stringio
    racc (1.8.0)
    rake (13.2.1)
    rdoc (6.7.0)
      psych (>= 4.0.0)
    stringio (3.1.1)
    test-unit (3.6.2)
      power_assert

PLATFORMS
  ruby

DEPENDENCIES
  erubis
  nokogiri
  rake
  rdoc
  test-unit (~> 3.0)

BUNDLED WITH
   2.5.14
